GEM
  remote: http://rubygems.org/
  specs:
    activemodel (3.2.0)
      activesupport (= 3.2.0)
      builder (~> 3.0.0)
    activerecord (3.2.0)
      activemodel (= 3.2.0)
      activesupport (= 3.2.0)
      arel (~> 3.0.0)
      tzinfo (~> 0.3.29)
    activerecord-jdbc-adapter (1.2.2)
    activerecord-jdbcmysql-adapter (1.2.2)
      activerecord-jdbc-adapter (~> 1.2.2)
      jdbc-mysql (~> 5.1.0)
    activerecord-jdbcsqlite3-adapter (1.2.2)
      activerecord-jdbc-adapter (~> 1.2.2)
      jdbc-sqlite3 (~> 3.7.2)
    activesupport (3.2.0)
      i18n (~> 0.6)
      multi_json (~> 1.0)
    addressable (2.2.6)
    albino (1.3.3)
      posix-spawn (>= 0.3.6)
    arel (3.0.0)
    backports (2.3.0)
    bouncy-castle-java (1.5.0146.1)
    builder (3.0.0)
    capybara (1.1.2)
      mime-types (>= 1.16)
      nokogiri (>= 1.3.3)
      rack (>= 1.0.0)
      rack-test (>= 0.5.4)
      selenium-webdriver (~> 2.0)
      xpath (~> 0.1.4)
    capybara-webkit (0.9.0)
      capybara (>= 1.0.0, < 1.2)
      json
    childprocess (0.3.0)
      ffi (~> 1.0.6)
    classifier (1.3.3)
      fast-stemmer (>= 1.0.0)
    coderay (1.0.5)
    cucumber (1.1.4)
      builder (>= 2.1.2)
      diff-lcs (>= 1.1.2)
      gherkin (~> 2.7.1)
      json (>= 1.4.6)
      term-ansicolor (>= 1.0.6)
    cucumber-sinatra (0.4.0)
      templater (>= 1.0.0)
    diff-lcs (1.1.3)
    directory_watcher (1.4.1)
    eventmachine (0.12.10)
    eventmachine (0.12.10-java)
    extlib (0.9.15)
    fast-stemmer (1.0.0)
    ffi (1.0.11)
    ffi (1.0.11-java)
    gherkin (2.7.6)
      json (>= 1.4.6)
    gherkin (2.7.6-java)
      json (>= 1.4.6)
    highline (1.6.11)
    i18n (0.6.0)
    jdbc-mysql (5.1.13)
    jdbc-sqlite3 (3.7.2)
    jekyll (0.11.2)
      albino (~> 1.3)
      classifier (~> 1.3)
      directory_watcher (~> 1.1)
      kramdown (~> 0.13)
      liquid (~> 2.3)
      maruku (~> 0.5)
    jruby-openssl (0.7.5)
      bouncy-castle-java (>= 1.5.0146.1)
    jruby-rack (1.1.4)
    json (1.6.5)
    json (1.6.5-java)
    kramdown (0.13.4)
    launchy (2.0.5)
      addressable (~> 2.2.6)
    launchy (2.0.5-java)
      addressable (~> 2.2.6)
      ffi (~> 1.0.9)
      spoon (~> 0.0.1)
    liquid (2.3.0)
    maruku (0.6.0)
      syntax (>= 1.0.0)
    mime-types (1.17.2)
    multi_json (1.0.4)
    mysql2 (0.3.11)
    nokogiri (1.5.0)
    nokogiri (1.5.0-java)
    posix-spawn (0.3.6)
    rack (1.3.5)
    rack-protection (1.1.4)
      rack
    rack-test (0.6.1)
      rack (>= 1.0)
    rake (0.9.2.2)
    rspec (2.8.0)
      rspec-core (~> 2.8.0)
      rspec-expectations (~> 2.8.0)
      rspec-mocks (~> 2.8.0)
    rspec-core (2.8.0)
    rspec-expectations (2.8.0)
      diff-lcs (~> 1.1.2)
    rspec-mocks (2.8.0)
    rubyzip (0.9.5)
    selenium-webdriver (2.18.0)
      childprocess (>= 0.2.5)
      ffi (~> 1.0.9)
      multi_json (~> 1.0.4)
      rubyzip
    sinatra (1.3.1)
      rack (~> 1.3, >= 1.3.4)
      rack-protection (~> 1.1, >= 1.1.2)
      tilt (~> 1.3, >= 1.3.3)
    sinatra-contrib (1.3.1)
      backports (>= 2.0)
      eventmachine
      rack-protection
      rack-test
      sinatra (~> 1.3.0)
      tilt (~> 1.3)
    spoon (0.0.1)
    sqlite3 (1.3.5)
    syntax (1.0.0)
    templater (1.0.0)
      diff-lcs (>= 1.1.2)
      extlib (>= 0.9.5)
      highline (>= 1.4.0)
    term-ansicolor (1.0.7)
    tilt (1.3.3)
    trinidad (1.3.2)
      jruby-rack (>= 1.1.1)
      trinidad_jars (>= 1.0.1)
    trinidad_jars (1.0.2)
    tzinfo (0.3.31)
    xpath (0.1.4)
      nokogiri (~> 1.3)

PLATFORMS
  java
  ruby

DEPENDENCIES
  activerecord
  activerecord-jdbcmysql-adapter
  activerecord-jdbcsqlite3-adapter
  activesupport
  capybara
  capybara-webkit
  coderay
  cucumber
  cucumber-sinatra
  jekyll
  jruby-openssl
  kramdown
  launchy
  mysql2
  nokogiri
  rake
  rspec
  sinatra
  sinatra-contrib
  sqlite3
  trinidad
  tzinfo
