GEM
  remote: http://rubygems.org/
  specs:
    activemodel (3.2.0)
      activesupport (= 3.2.0)
      builder (~> 3.0.0)
    activerecord (3.2.0)
      activemodel (= 3.2.0)
      activesupport (= 3.2.0)
      arel (~> 3.0.0)
      tzinfo (~> 0.3.29)
    activerecord-jdbc-adapter (1.2.2)
    activerecord-jdbcpostgresql-adapter (1.2.2)
      activerecord-jdbc-adapter (~> 1.2.2)
      jdbc-postgres (>= 9.0, < 9.2)
    activerecord-jdbcsqlite3-adapter (1.2.2)
      activerecord-jdbc-adapter (~> 1.2.2)
      jdbc-sqlite3 (~> 3.7.2)
    activesupport (3.2.0)
      i18n (~> 0.6)
      multi_json (~> 1.0)
    albino (1.3.3)
      posix-spawn (>= 0.3.6)
    arel (3.0.0)
    backports (2.3.0)
    bouncy-castle-java (1.5.0146.1)
    builder (3.0.0)
    classifier (1.3.3)
      fast-stemmer (>= 1.0.0)
    coderay (1.0.5)
    directory_watcher (1.4.1)
    eventmachine (0.12.10)
    eventmachine (0.12.10-java)
    fast-stemmer (1.0.0)
    i18n (0.6.0)
    jdbc-postgres (9.1.901)
    jdbc-sqlite3 (3.7.2)
    jekyll (0.11.2)
      albino (~> 1.3)
      classifier (~> 1.3)
      directory_watcher (~> 1.1)
      kramdown (~> 0.13)
      liquid (~> 2.3)
      maruku (~> 0.5)
    jruby-openssl (0.7.5)
      bouncy-castle-java (>= 1.5.0146.1)
    jruby-rack (1.1.3)
    kramdown (0.13.4)
    liquid (2.3.0)
    maruku (0.6.0)
      syntax (>= 1.0.0)
    multi_json (1.0.4)
    nokogiri (1.5.0)
    nokogiri (1.5.0-java)
    pg (0.12.2)
    posix-spawn (0.3.6)
    rack (1.3.5)
    rack-protection (1.1.4)
      rack
    rack-test (0.6.1)
      rack (>= 1.0)
    rake (0.9.2.2)
    sinatra (1.3.1)
      rack (~> 1.3, >= 1.3.4)
      rack-protection (~> 1.1, >= 1.1.2)
      tilt (~> 1.3, >= 1.3.3)
    sinatra-contrib (1.3.1)
      backports (>= 2.0)
      eventmachine
      rack-protection
      rack-test
      sinatra (~> 1.3.0)
      tilt (~> 1.3)
    sqlite3 (1.3.5)
    syntax (1.0.0)
    tilt (1.3.3)
    trinidad (1.3.2)
      jruby-rack (>= 1.1.1)
      trinidad_jars (>= 1.0.1)
    trinidad_jars (1.0.2)
    tzinfo (0.3.31)

PLATFORMS
  java
  ruby

DEPENDENCIES
  activerecord
  activerecord-jdbcpostgresql-adapter
  activerecord-jdbcsqlite3-adapter
  activesupport
  coderay
  jekyll
  jruby-openssl
  kramdown
  nokogiri
  pg
  rake
  sinatra
  sinatra-contrib
  sqlite3
  trinidad
  tzinfo
